GEM
  remote: https://rubygems.org/
  specs:
    debug (1.5.0)
      irb (>= 1.3.6)
      reline (>= 0.2.7)
    io-console (0.5.11)
    irb (1.4.1)
      reline (>= 0.3.0)
    rack (2.2.3)
    rbs (2.3.2)
    reline (0.3.1)
      io-console (~> 0.5)
    typeprof (0.21.2)
      rbs (>= 1.8.1)
    webrick (1.7.0)

PLATFORMS
  x86_64-darwin-21

DEPENDENCIES
  debug (>= 1.0.0)
  rack (~> 2.2)
  rbs (~> 2.3)
  typeprof (~> 0.21.2)
  webrick (~> 1.7)

RUBY VERSION
   ruby 3.1.0p0

BUNDLED WITH
   2.3.3
